GIT
  remote: https://github.com/SviridovSV/codebreaker
  revision: ccf811c656f8011b587d78afa7a0c9a7c052d16d
  branch: dev
  specs:
    codebreaker (0.1.0)

GEM
  remote: https://rubygems.org/
  specs:
    coderay (1.1.1)
    method_source (0.8.2)
    pry (0.10.4)
      coderay (~> 1.1.0)
      method_source (~> 0.8.1)
      slop (~> 3.4)
    rack (2.0.3)
    slop (3.6.0)

PLATFORMS
  ruby

DEPENDENCIES
  codebreaker!
  pry
  rack

BUNDLED WITH
   1.15.1
